GIT
  remote: git://github.com/kathedley/httparty
  revision: a884b4b89b970ec09568c55784c3630fb9b33a39
  specs:
    httparty (0.13.0.handlearrayhash.1.2)
      json (~> 1.8)
      multi_xml (>= 0.5.2)

GEM
  remote: https://rubygems.org/
  specs:
    builder (3.2.2)
    domain_name (0.5.18)
      unf (>= 0.0.5, < 1.0.0)
    excon (0.31.0)
    faraday (0.9.0)
      multipart-post (>= 1.2, < 3)
    gocardless (1.8.0)
      multi_json (~> 1.0)
      oauth2 (~> 0.7)
    http-cookie (1.0.2)
      domain_name (~> 0.5)
    json (1.8.1)
    jwt (0.1.11)
      multi_json (>= 1.5)
    libxml-ruby (2.7.0)
    mandrill-api (1.0.51)
      excon (>= 0.16.0, < 1.0)
      json (>= 1.7.7, < 2.0)
    mechanize (2.7.3)
      domain_name (~> 0.5, >= 0.5.1)
      http-cookie (~> 1.0)
      mime-types (~> 2.0)
      net-http-digest_auth (~> 1.1, >= 1.1.1)
      net-http-persistent (~> 2.5, >= 2.5.2)
      nokogiri (~> 1.4)
      ntlm-http (~> 0.1, >= 0.1.1)
      webrobots (>= 0.0.9, < 0.2)
    mime-types (2.2)
    mini_portile (0.5.2)
    multi_json (1.8.4)
    multi_xml (0.5.5)
    multipart-post (2.0.0)
    net-http-digest_auth (1.4)
    net-http-persistent (2.9.4)
    newrelic_rpm (3.7.2.195)
    nokogiri (1.6.1)
      mini_portile (~> 0.5.0)
    ntlm-http (0.1.1)
    oauth2 (0.9.3)
      faraday (>= 0.8, < 0.10)
      jwt (~> 0.1.8)
      multi_json (~> 1.3)
      multi_xml (~> 0.5)
      rack (~> 1.2)
    rack (1.5.2)
    rack-protection (1.5.2)
      rack
    rubygems-update (2.2.2)
    sinatra (1.4.4)
      rack (~> 1.4)
      rack-protection (~> 1.4)
      tilt (~> 1.3, >= 1.3.4)
    tilt (1.4.1)
    unf (0.1.4)
      unf_ext
    unf_ext (0.0.6)
    webrobots (0.1.1)

PLATFORMS
  ruby

DEPENDENCIES
  builder (~> 3.2.2)
  bundler (~> 1.5.2)
  gocardless (~> 1.8.0)
  httparty!
  libxml-ruby (~> 2.7.0)
  mandrill-api (~> 1.0.51)
  mechanize (~> 2.7.3)
  mini_portile (~> 0.5.2)
  newrelic_rpm (~> 3.7.2.192)
  nokogiri (~> 1.6.1)
  rack (~> 1.5.2)
  rack-protection (~> 1.5.2)
  rubygems-update (~> 2.2.2)
  sinatra (~> 1.4.4)
  tilt (~> 1.4.1)
