GEM
  remote: https://rubygems.org/
  specs:
    builder (3.2.2)
    faraday (0.9.0)
      multipart-post (>= 1.2, < 3)
    gocardless (1.8.0)
      multi_json (~> 1.0)
      oauth2 (~> 0.7)
    jwt (0.1.10)
      multi_json (>= 1.5)
    libxml-ruby (2.7.0)
    mini_portile (0.5.2)
    multi_json (1.8.4)
    multi_xml (0.5.5)
    multipart-post (2.0.0)
    nokogiri (1.6.1)
      mini_portile (~> 0.5.0)
    oauth2 (0.9.3)
      faraday (>= 0.8, < 0.10)
      jwt (~> 0.1.8)
      multi_json (~> 1.3)
      multi_xml (~> 0.5)
      rack (~> 1.2)
    rack (1.5.2)
    rack-protection (1.5.1)
      rack
    rubygems-update (2.2.1)
    sinatra (1.4.4)
      rack (~> 1.4)
      rack-protection (~> 1.4)
      tilt (~> 1.3, >= 1.3.4)
    tilt (1.4.1)

PLATFORMS
  ruby

DEPENDENCIES
  builder (~> 3.2.2)
  bundler (~> 1.5.2)
  gocardless (~> 1.8.0)
  libxml-ruby (~> 2.7.0)
  mini_portile (~> 0.5.2)
  nokogiri (~> 1.6.1)
  rack (~> 1.5.2)
  rack-protection (~> 1.5.1)
  rubygems-update (~> 2.2.1)
  sinatra (~> 1.4.4)
  tilt (~> 1.4.1)
