GEM
  remote: https://rubygems.org/
  specs:
    builder (3.2.2)
    libxml-ruby (2.7.0)
    mini_portile (0.5.2)
    nokogiri (1.6.1)
      mini_portile (~> 0.5.0)
    rack (1.5.2)
    rack-protection (1.5.1)
      rack
    rubygems-update (2.2.1)
    sinatra (1.4.4)
      rack (~> 1.4)
      rack-protection (~> 1.4)
      tilt (~> 1.3, >= 1.3.4)
    tilt (1.4.1)

PLATFORMS
  ruby

DEPENDENCIES
  builder (~> 3.2.2)
  bundler (~> 1.5.2)
  libxml-ruby (~> 2.7.0)
  mini_portile (~> 0.5.2)
  nokogiri (~> 1.6.1)
  rack (~> 1.5.2)
  rack-protection (~> 1.5.1)
  rubygems-update (~> 2.2.1)
  sinatra (~> 1.4.4)
  tilt (~> 1.4.1)
